GEM
  remote: https://rubygems.org/
  specs:
    gimuby (0.7.4)
    gnuplot (2.6.2)
    heatmap (0.1.1)
    narray (0.6.1.1)
    rb-gsl (1.16.0.4)
      narray (>= 0.5.9)

PLATFORMS
  ruby

DEPENDENCIES
  gimuby
  gnuplot
  heatmap
  rb-gsl
